GEM
  remote: http://rubygems.org/
  specs:
    diff-lcs (1.1.3)
    rspec (2.7.0)
      rspec-core (~> 2.7.0)
      rspec-expectations (~> 2.7.0)
      rspec-mocks (~> 2.7.0)
    rspec-core (2.7.1)
    rspec-expectations (2.7.0)
      diff-lcs (~> 1.1.2)
    rspec-mocks (2.7.0)
    ruby-prof (0.10.8)
    watchr (0.7)

PLATFORMS
  ruby

DEPENDENCIES
  rspec
  ruby-prof
  watchr
